GEM
  remote: http://rubygems.org/
  specs:
    jsmin (1.0.1)
    json (1.4.6)

PLATFORMS
  ruby

DEPENDENCIES
  jsmin
  json
